STORAGE: NONE
NUGET
  remote: https://api.nuget.org/v3/index.json
    Antidote.Bindings (2.0.6) - restriction: >= netstandard2.0
      Fable.Core (>= 4.2) - restriction: >= netstandard2.0
      Fable.Elmish (>= 4.1) - restriction: >= netstandard2.0
      Fable.React (>= 9.3) - restriction: >= netstandard2.0
      Feliz (>= 2.7) - restriction: >= netstandard2.0
    Antidote.FormStudioSpec (2.0.6) - restriction: >= netstandard2.0
      Thoth.Json (>= 10.2) - restriction: >= netstandard2.0
      Thoth.Json.Net (>= 11.0) - restriction: >= netstandard2.0
    Antidote.uFuzzy (1.0.1) - restriction: >= netstandard2.0
      Fable.Core (>= 3.6.2) - restriction: >= netstandard2.0
      FSharp.Core (>= 5.0.2) - restriction: >= netstandard2.0
    Fable.AST (4.3) - restriction: >= netstandard2.0
    Fable.Browser.Blob (1.3) - restriction: >= netstandard2.0
      Fable.Core (>= 3.0) - restriction: >= netstandard2.0
      FSharp.Core (>= 4.7.2) - restriction: >= netstandard2.0
    Fable.Browser.Dom (2.15) - restriction: >= netstandard2.0
      Fable.Browser.Blob (>= 1.3) - restriction: >= netstandard2.0
      Fable.Browser.Event (>= 1.5) - restriction: >= netstandard2.0
      Fable.Browser.WebStorage (>= 1.2) - restriction: >= netstandard2.0
      Fable.Core (>= 3.2.8) - restriction: >= netstandard2.0
      FSharp.Core (>= 4.7.2) - restriction: >= netstandard2.0
    Fable.Browser.Event (1.5) - restriction: >= netstandard2.0
      Fable.Browser.Gamepad (>= 1.1) - restriction: >= netstandard2.0
      Fable.Core (>= 3.0) - restriction: >= netstandard2.0
      FSharp.Core (>= 4.7.2) - restriction: >= netstandard2.0
    Fable.Browser.Gamepad (1.2) - restriction: >= netstandard2.0
      Fable.Core (>= 3.0) - restriction: >= netstandard2.0
      FSharp.Core (>= 4.7.2) - restriction: >= netstandard2.0
    Fable.Browser.WebStorage (1.2) - restriction: >= netstandard2.0
      Fable.Browser.Event (>= 1.5) - restriction: >= netstandard2.0
      Fable.Core (>= 3.0) - restriction: >= netstandard2.0
      FSharp.Core (>= 4.7.2) - restriction: >= netstandard2.0
    Fable.Core (4.2) - restriction: >= netstandard2.0
    Fable.Elmish (4.1) - restriction: >= netstandard2.0
      Fable.Core (>= 3.7.1) - restriction: >= netstandard2.0
      FSharp.Core (>= 4.7.2) - restriction: >= netstandard2.0
    Fable.Fetch (2.6) - restriction: >= netstandard2.0
      Fable.Browser.Blob (>= 1.2) - restriction: >= netstandard2.0
      Fable.Browser.Event (>= 1.5) - restriction: >= netstandard2.0
      Fable.Core (>= 3.7.1) - restriction: >= netstandard2.0
      Fable.Promise (>= 2.2.2) - restriction: >= netstandard2.0
      FSharp.Core (>= 4.7.2) - restriction: >= netstandard2.0
    Fable.Form (2.0) - restriction: >= netstandard2.0
      Fable.Core (>= 4.0) - restriction: >= netstandard2.0
      FSharp.Core (>= 5.0.2) - restriction: >= netstandard2.0
    Fable.Form.Antidote (2.0.6) - restriction: >= netstandard2.0
      Fable.Core (>= 4.2) - restriction: >= netstandard2.0
      Fable.Elmish (>= 4.1) - restriction: >= netstandard2.0
      Fable.Form (>= 2.0) - restriction: >= netstandard2.0
      Feliz (>= 2.7) - restriction: >= netstandard2.0
    Fable.Form.Antidote.View (2.0.6) - restriction: >= netstandard2.0
      Antidote.uFuzzy (>= 1.0.1) - restriction: >= netstandard2.0
      Fable.Core (>= 4.2) - restriction: >= netstandard2.0
      Fable.Fetch (>= 2.6) - restriction: >= netstandard2.0
      Fable.Form (>= 2.0) - restriction: >= netstandard2.0
      Fable.Form.Antidote (>= 2.0.5) - restriction: >= netstandard2.0
      Feliz (>= 2.7) - restriction: >= netstandard2.0
      Feliz.Bulma (>= 3.0) - restriction: >= netstandard2.0
      Feliz.Bulma.Switch (>= 3.0) - restriction: >= netstandard2.0
      Glutinum.Fuse (>= 1.0.1) - restriction: >= netstandard2.0
    Fable.I18Next (0.15.2) - restriction: >= netstandard2.0
      Fable.Promise (>= 2.2.2) - restriction: >= netstandard2.0
      Newtonsoft.Json (>= 13.0.1) - restriction: >= netstandard2.0
    Fable.Promise (3.2) - restriction: >= netstandard2.0
      Fable.Core (>= 3.7.1) - restriction: >= netstandard2.0
      FSharp.Core (>= 4.7.2) - restriction: >= netstandard2.0
    Fable.React (9.3) - restriction: >= netstandard2.0
      Fable.React.Types (>= 18.3) - restriction: >= netstandard2.0
      Fable.ReactDom.Types (>= 18.2) - restriction: >= netstandard2.0
      FSharp.Core (>= 4.7.2) - restriction: >= netstandard2.0
    Fable.React.Types (18.3) - restriction: >= netstandard2.0
      Fable.Browser.Dom (>= 2.4.4) - restriction: >= netstandard2.0
      Fable.Core (>= 3.2.7) - restriction: >= netstandard2.0
      FSharp.Core (>= 4.7.2) - restriction: >= netstandard2.0
    Fable.ReactDom.Types (18.2) - restriction: >= netstandard2.0
      Fable.React.Types (>= 18.3) - restriction: >= netstandard2.0
      FSharp.Core (>= 4.7.2) - restriction: >= netstandard2.0
    Feliz (2.7)
      Fable.ReactDom.Types (>= 18.2) - restriction: >= netstandard2.0
      Feliz.CompilerPlugins (>= 2.2) - restriction: >= netstandard2.0
      FSharp.Core (>= 4.7.2) - restriction: >= netstandard2.0
    Feliz.Bulma (3.0) - restriction: >= netstandard2.0
      Feliz (>= 2.4) - restriction: >= netstandard2.0
      FSharp.Core (>= 4.7.2) - restriction: >= netstandard2.0
    Feliz.Bulma.Switch (3.0) - restriction: >= netstandard2.0
      Feliz (>= 2.4) - restriction: >= netstandard2.0
      Feliz.Bulma (>= 3.0) - restriction: >= netstandard2.0
      FSharp.Core (>= 4.7.2) - restriction: >= netstandard2.0
    Feliz.CompilerPlugins (2.2) - restriction: >= netstandard2.0
      Fable.AST (>= 4.2.1) - restriction: >= netstandard2.0
      FSharp.Core (>= 4.7.2) - restriction: >= netstandard2.0
    Feliz.Markdown (2.4) - restriction: >= netstandard2.0
      Feliz (>= 2.4) - restriction: >= netstandard2.0
      FSharp.Core (>= 4.7.2) - restriction: >= netstandard2.0
    Feliz.Router (4.0)
      Fable.Elmish (>= 4.0) - restriction: >= netstandard2.0
      Feliz (>= 2.3) - restriction: >= netstandard2.0
      FSharp.Core (>= 4.7.2) - restriction: >= netstandard2.0
    Feliz.UseElmish (2.5) - restriction: >= netstandard2.0
      Fable.Elmish (>= 4.0) - restriction: >= netstandard2.0
      FSharp.Core (>= 4.7.2) - restriction: >= netstandard2.0
    FSharp.Core (8.0.101) - restriction: >= netstandard2.0
    FsToolkit.ErrorHandling (4.14) - restriction: >= netstandard2.0
      FSharp.Core (>= 4.7.2) - restriction: && (>= netstandard2.0) (< netstandard2.1)
      FSharp.Core (>= 7.0.300) - restriction: >= netstandard2.1
    Glutinum.Fuse (1.0.1) - restriction: >= netstandard2.0
      Fable.Core (>= 3.6.2) - restriction: >= netstandard2.0
      FSharp.Core (>= 5.0.2) - restriction: >= netstandard2.0
    Newtonsoft.Json (13.0.3) - restriction: >= netstandard2.0
    Thoth.Json (10.2) - restriction: >= netstandard2.0
      Fable.Core (>= 3.6.2) - restriction: >= netstandard2.0
      FSharp.Core (>= 4.7.2) - restriction: >= netstandard2.0
    Thoth.Json.Net (11.0) - restriction: >= netstandard2.0
      Fable.Core (>= 3.1.6) - restriction: && (< net46) (>= netstandard2.0)
      FSharp.Core (>= 4.7.2) - restriction: || (>= net46) (>= netstandard2.0)
      Newtonsoft.Json (>= 11.0.2) - restriction: || (>= net46) (>= netstandard2.0)
  remote: /Users/luisfx/code/antidote-org/Antidote.FormStudio/bin/Release
    Antidote.FormStudio (2.0.6)
      Antidote.Bindings (>= 2.0.6 < 2.1) - restriction: >= netstandard2.0
      Antidote.FormStudioSpec (>= 2.0.6 < 2.1) - restriction: >= netstandard2.0
      Fable.Core (>= 4.2) - restriction: >= netstandard2.0
      Fable.Form.Antidote (>= 2.0.6 < 2.1) - restriction: >= netstandard2.0
      Fable.Form.Antidote.View (>= 2.0.6 < 2.1) - restriction: >= netstandard2.0
      Fable.I18Next (>= 0.15.2) - restriction: >= netstandard2.0
      Feliz.Bulma (>= 3.0) - restriction: >= netstandard2.0
      Feliz.Markdown (>= 2.4) - restriction: >= netstandard2.0
      Feliz.UseElmish (>= 2.5) - restriction: >= netstandard2.0
      FSharp.Core (>= 8.0.101) - restriction: >= netstandard2.0
      FsToolkit.ErrorHandling (>= 4.14) - restriction: >= netstandard2.0
      Thoth.Json (>= 10.2) - restriction: >= netstandard2.0
